PATH
  remote: .
  specs:
    simple_form_jasny_fileupload (0.0.7)

GEM
  remote: https://rubygems.org/
  specs:

PLATFORMS
  ruby

DEPENDENCIES
  simple_form_jasny_fileupload!

BUNDLED WITH
   1.11.2
